GIT
  remote: https://github.com/criticaljuncture/klarlack.git
  revision: f4c9706cd542046e7e37a4872b3a272b57cbb31b
  ref: f4c9706cd542046e7e37a4872b3a272b57cbb31b
  specs:
    klarlack (0.0.7)

GIT
  remote: https://github.com/criticaljuncture/resque-throttler.git
  revision: 6b584cc134cbb3d7cefc9a4ea4f57474a033afcc
  branch: master
  specs:
    resque-throttler (0.1.5)
      resque (~> 1.25)

GIT
  remote: https://github.com/criticaljuncture/sendgrid.git
  revision: 87d532bff3ab83ac5e842177a7b1fdaae39681b0
  branch: master
  specs:
    sendgrid (0.1.5)

GIT
  remote: https://github.com/fredwu/app_config.git
  revision: efce678826ea465b30d67357b9f6562bc9a871c0
  branch: master
  specs:
    app_config (1.3.2)

GIT
  remote: https://github.com/henrik/resque-honeybadger.git
  revision: 832be87662840d44e73f66c006796da8ed6250e2
  ref: 832be87662840d44e73f66c006796da8ed6250e2
  specs:
    resque-honeybadger (1.0.2)
      honeybadger
      resque (>= 1.8.0)

GIT
  remote: https://github.com/postmodern/ffi-hunspell.git
  revision: 91516637fdff9cef9bae66aefdd89e1b4a8b5831
  ref: 91516637fdff9cef9bae66aefdd89e1b4a8b5831
  specs:
    ffi-hunspell (0.3.0)
      ffi (~> 1.0)

GEM
  remote: https://rubygems.org/
  specs:
    Platform (0.4.0)
    actionmailer (3.1.12)
      actionpack (= 3.1.12)
      mail (~> 2.4.4)
    actionpack (3.1.12)
      activemodel (= 3.1.12)
      activesupport (= 3.1.12)
      builder (~> 3.0.0)
      erubis (~> 2.7.0)
      i18n (~> 0.6)
      rack (~> 1.3.6)
      rack-cache (~> 1.2)
      rack-mount (~> 0.8.2)
      rack-test (~> 0.6.1)
      sprockets (~> 2.0.4)
    active_hash (0.9.5)
      activesupport (>= 2.2.2)
    activemodel (3.1.12)
      activesupport (= 3.1.12)
      builder (~> 3.0.0)
      i18n (~> 0.6)
    activerecord (3.1.12)
      activemodel (= 3.1.12)
      activesupport (= 3.1.12)
      arel (~> 2.2.3)
      tzinfo (~> 0.3.29)
    activeresource (3.1.12)
      activemodel (= 3.1.12)
      activesupport (= 3.1.12)
    activesupport (3.1.12)
      multi_json (~> 1.0)
    addressable (2.4.0)
    amatch (0.2.11)
      tins (~> 0.3)
    amazon-ec2 (0.9.15)
      xml-simple (>= 1.0.12)
    american_date (1.1.0)
    arel (2.2.3)
    ast (2.0.0)
    astrolabe (1.3.0)
      parser (>= 2.2.0.pre.3, < 3.0)
    authlogic (3.0.3)
      activerecord (>= 3.0.7)
    aws-sdk-v1 (1.67.0)
      json (~> 1.4)
      nokogiri (~> 1)
    bcrypt (3.1.12)
    builder (3.0.4)
    chronic (0.10.2)
    cocaine (0.4.2)
    coderay (1.1.0)
    concurrent-ruby (1.1.5)
    curb (0.9.0)
    diff-lcs (1.3)
    diffy (3.0.7)
    erubis (2.7.0)
    ethon (0.8.1)
      ffi (>= 1.3.0)
    excon (0.45.4)
    factory_girl (1.2.4)
    fakeweb (1.3.0)
    faraday (0.15.3)
      multipart-post (>= 1.2, < 3)
    faraday_middleware (0.12.2)
      faraday (>= 0.7.4, < 1.0)
    ffi (1.9.6)
    formtastic (0.9.8)
      actionpack (>= 2.3.0)
      activesupport (>= 2.3.0)
    geokit (1.10.0)
    googleauth (0.6.6)
      faraday (~> 0.12)
      jwt (>= 1.4, < 3.0)
      memoist (~> 0.12)
      multi_json (~> 1.11)
      os (>= 0.9, < 2.0)
      signet (~> 0.7)
    hashie (3.5.7)
    hike (1.2.3)
    hoe (3.14.2)
      rake (>= 0.8, < 11.0)
    honeybadger (2.0.12)
    httmultiparty (0.3.13)
      httparty (>= 0.7.3)
      mimemagic
      multipart-post
    http_headers (0.0.2.3)
    httparty (0.11.0)
      multi_json (~> 1.0)
      multi_xml (>= 0.5.2)
    i18n (0.9.5)
      concurrent-ruby (~> 1.0)
    icalendar (1.1.5)
    indefinite_article (0.2.0)
      activesupport
    json (1.8.6)
    jwt (1.5.6)
    mail (2.4.4)
      i18n (>= 0.4.0)
      mime-types (~> 1.16)
      treetop (~> 1.4.8)
    memoist (0.16.0)
    method_source (0.8.2)
    mime-types (1.25.1)
    mimemagic (0.2.1)
    mini_portile2 (2.4.0)
    mocha (0.9.8)
      rake
    mock_redis (0.16.1)
    modularity (0.6.1)
    mono_logger (1.1.0)
    multi_json (1.14.1)
    multi_xml (0.5.5)
    multipart-post (2.0.0)
    mysql2 (0.3.21)
    net-scp (1.1.0)
      net-ssh (>= 2.6.5)
    net-sftp (2.1.2)
      net-ssh (>= 2.6.5)
    net-ssh (2.9.1)
    nokogiri (1.9.1)
      mini_portile2 (~> 2.4.0)
    open4 (1.3.4)
    open_calais (0.3.2)
      activesupport
      excon
      faraday
      faraday_middleware
      hashie
      multi_json
      multi_xml
    os (1.0.0)
    paperclip (2.8.0)
      activerecord (>= 2.3.0)
      activesupport (>= 2.3.2)
      cocaine (>= 0.0.2)
      mime-types
    parser (2.2.0.2)
      ast (>= 1.1, < 3.0)
    passenger (6.0.2)
      rack
      rake (>= 0.8.1)
    polyglot (0.3.5)
    popen4 (0.1.2)
      Platform (>= 0.4.0)
      open4 (>= 0.4.0)
    powerpack (0.0.9)
    pry (0.9.12.4)
      coderay (~> 1.0)
      method_source (~> 0.8)
      slop (~> 3.4)
    pry-remote (0.1.8)
      pry (~> 0.9)
      slop (~> 3.0)
    rack (1.3.10)
    rack-cache (1.9.0)
      rack (>= 0.4)
    rack-mount (0.8.3)
      rack (>= 1.0.0)
    rack-protection (1.5.5)
      rack
    rack-ssl (1.3.4)
      rack
    rack-test (0.6.3)
      rack (>= 1.0)
    rails (3.1.12)
      actionmailer (= 3.1.12)
      actionpack (= 3.1.12)
      activerecord (= 3.1.12)
      activeresource (= 3.1.12)
      activesupport (= 3.1.12)
      bundler (~> 1.0)
      railties (= 3.1.12)
    railties (3.1.12)
      actionpack (= 3.1.12)
      activesupport (= 3.1.12)
      rack-ssl (~> 1.3.2)
      rake (>= 0.8.7)
      rdoc (~> 3.4)
      thor (~> 0.14.6)
    rainbow (2.0.0)
    rake (10.5.0)
    rdoc (3.12)
      json (~> 1.4)
    recaptcha (0.3.1)
    redis (3.3.5)
    redis-namespace (1.6.0)
      redis (>= 3.0.4)
    resque (1.27.4)
      mono_logger (~> 1.0)
      multi_json (~> 1.0)
      redis-namespace (~> 1.3)
      sinatra (>= 0.9.2)
      vegas (~> 0.1.2)
    riddle (2.4.0)
    rspec (2.0.1)
      rspec-core (~> 2.0.1)
      rspec-expectations (~> 2.0.1)
      rspec-mocks (~> 2.0.1)
    rspec-core (2.0.1)
    rspec-expectations (2.0.1)
      diff-lcs (>= 1.1.2)
    rspec-mocks (2.0.1)
      rspec-core (~> 2.0.1)
      rspec-expectations (~> 2.0.1)
    rspec-rails (2.0.1)
      rspec (~> 2.0.0)
    rspec_candy (0.5.1)
      rspec
      sneaky-save
    rubocop (0.28.0)
      astrolabe (~> 1.3)
      parser (>= 2.2.0.pre.7, < 3.0)
      powerpack (~> 0.0.6)
      rainbow (>= 1.99.1, < 3.0)
      ruby-progressbar (~> 1.4)
    ruby-progressbar (1.7.1)
    rubyzip (1.1.7)
    signet (0.10.0)
      addressable (~> 2.3)
      faraday (~> 0.9)
      jwt (>= 1.5, < 3.0)
      multi_json (~> 1.10)
    sinatra (1.3.3)
      rack (~> 1.3, >= 1.3.6)
      rack-protection (~> 1.2)
      tilt (~> 1.3, >= 1.3.3)
    slop (3.4.7)
    sneaky-save (0.0.2)
      activerecord (>= 2.3.2)
    sprockets (2.0.5)
      hike (~> 1.2)
      rack (~> 1.0)
      tilt (~> 1.1, != 1.3.0)
    stevedore (0.3.0)
    test-unit (1.2.3)
      hoe (>= 1.5.1)
    thinking-sphinx (2.0.14)
      activerecord (>= 3.0.3)
      builder (>= 2.1.2)
      riddle (>= 1.5.3)
    thor (0.14.6)
    tilt (1.4.1)
    timecop (0.6.1)
    tins (0.8.0)
    titleize (1.3.0)
    treetop (1.4.15)
      polyglot
      polyglot (>= 0.3.1)
    typhoeus (1.0.1)
      ethon (>= 0.8.0)
    tzinfo (0.3.56)
    validation_reflection (0.3.8)
    vcr (2.6.0)
    vegas (0.1.11)
      rack (>= 1.0.0)
    whenever (0.10.0)
      chronic (>= 0.6.3)
    will_paginate (3.2.1)
    xml-simple (1.0.12)
    ym4r (0.6.1)
    zip-zip (0.3)
      rubyzip (>= 1.0.0)

PLATFORMS
  ruby

DEPENDENCIES
  active_hash (= 0.9.5)
  addressable (= 2.4.0)
  amatch (= 0.2.11)
  amazon-ec2
  american_date
  app_config (= 1.3.2)!
  authlogic (= 3.0.3)
  aws-sdk-v1
  bcrypt
  cocaine
  curb (= 0.9.0)
  diffy
  factory_girl (= 1.2.4)
  fakeweb
  faraday
  ffi-hunspell!
  formtastic (= 0.9.8)
  geokit (= 1.10.0)
  googleauth
  hoe
  honeybadger (~> 2.0.0)
  httmultiparty (~> 0.3.13)
  http_headers (= 0.0.2.3)
  httparty
  icalendar
  indefinite_article
  json (= 1.8.6)
  klarlack (= 0.0.7)!
  memoist
  mime-types (~> 1.25, >= 1.25.1)
  mocha (= 0.9.8)
  mock_redis
  modularity (= 0.6.1)
  mysql2 (= 0.3.21)
  net-scp (= 1.1.0)
  net-sftp
  net-ssh (= 2.9.1)
  nokogiri
  open_calais
  paperclip (~> 2.8)
  passenger (~> 6.0)
  popen4
  pry
  pry-remote
  rack
  rack-cache (= 1.9.0)
  rails (= 3.1.12)
  rake (= 10.5.0)
  rdoc
  recaptcha (= 0.3.1)
  redis (= 3.3.5)
  resque
  resque-honeybadger!
  resque-throttler!
  rspec
  rspec-rails (= 2.0.1)
  rspec_candy
  rubocop
  rubyzip (>= 1.1.7)
  sendgrid!
  stevedore (= 0.3.0)
  test-unit (= 1.2.3)
  thinking-sphinx (= 2.0.14)
  timecop
  titleize
  typhoeus (~> 1.0, >= 1.0.1)
  validation_reflection (= 0.3.8)
  vcr
  whenever
  will_paginate
  ym4r (= 0.6.1)
  zip-zip

BUNDLED WITH
   1.17.3
