GIT
  remote: https://github.com/criticaljuncture/klarlack.git
  revision: f4c9706cd542046e7e37a4872b3a272b57cbb31b
  ref: f4c9706cd542046e7e37a4872b3a272b57cbb31b
  specs:
    klarlack (0.0.7)

GIT
  remote: https://github.com/criticaljuncture/resque-throttler.git
  revision: 6b584cc134cbb3d7cefc9a4ea4f57474a033afcc
  branch: master
  specs:
    resque-throttler (0.1.5)
      resque (~> 1.25)

GIT
  remote: https://github.com/criticaljuncture/sendgrid.git
  revision: 87d532bff3ab83ac5e842177a7b1fdaae39681b0
  branch: master
  specs:
    sendgrid (0.1.5)

GIT
  remote: https://github.com/fredwu/app_config.git
  revision: efce678826ea465b30d67357b9f6562bc9a871c0
  branch: master
  specs:
    app_config (1.3.2)

GIT
  remote: https://github.com/henrik/resque-honeybadger.git
  revision: 832be87662840d44e73f66c006796da8ed6250e2
  ref: 832be87662840d44e73f66c006796da8ed6250e2
  specs:
    resque-honeybadger (1.0.2)
      honeybadger
      resque (>= 1.8.0)

GIT
  remote: https://github.com/postmodern/ffi-hunspell.git
  revision: 91516637fdff9cef9bae66aefdd89e1b4a8b5831
  ref: 91516637fdff9cef9bae66aefdd89e1b4a8b5831
  specs:
    ffi-hunspell (0.3.0)
      ffi (~> 1.0)

GEM
  remote: https://rubygems.org/
  specs:
    CFPropertyList (2.3.6)
    Platform (0.4.0)
    actionmailer (4.2.11.1)
      actionpack (= 4.2.11.1)
      actionview (= 4.2.11.1)
      activejob (= 4.2.11.1)
      mail (~> 2.5, >= 2.5.4)
      rails-dom-testing (~> 1.0, >= 1.0.5)
    actionpack (4.2.11.1)
      actionview (= 4.2.11.1)
      activesupport (= 4.2.11.1)
      rack (~> 1.6)
      rack-test (~> 0.6.2)
      rails-dom-testing (~> 1.0, >= 1.0.5)
      rails-html-sanitizer (~> 1.0, >= 1.0.2)
    actionview (4.2.11.1)
      activesupport (= 4.2.11.1)
      builder (~> 3.1)
      erubis (~> 2.7.0)
      rails-dom-testing (~> 1.0, >= 1.0.5)
      rails-html-sanitizer (~> 1.0, >= 1.0.3)
    active_hash (2.0.0)
      activesupport (>= 2.2.2)
    activejob (4.2.11.1)
      activesupport (= 4.2.11.1)
      globalid (>= 0.3.0)
    activemodel (4.2.11.1)
      activesupport (= 4.2.11.1)
      builder (~> 3.1)
    activerecord (4.2.11.1)
      activemodel (= 4.2.11.1)
      activesupport (= 4.2.11.1)
      arel (~> 6.0)
    activerecord-deprecated_finders (1.0.4)
    activesupport (4.2.11.1)
      i18n (~> 0.7)
      minitest (~> 5.1)
      thread_safe (~> 0.3, >= 0.3.4)
      tzinfo (~> 1.1)
    acts_as_list (0.9.19)
      activerecord (>= 3.0)
    addressable (2.4.0)
    amatch (0.2.11)
      tins (~> 0.3)
    amazon-ec2 (0.9.15)
      xml-simple (>= 1.0.12)
    american_date (1.1.0)
    arel (6.0.4)
    ast (2.0.0)
    astrolabe (1.3.0)
      parser (>= 2.2.0.pre.3, < 3.0)
    authlogic (3.4.6)
      activerecord (>= 3.2)
      activesupport (>= 3.2)
      request_store (~> 1.0)
      scrypt (>= 1.2, < 3.0)
    aws-sdk-v1 (1.67.0)
      json (~> 1.4)
      nokogiri (~> 1)
    bcrypt (3.1.12)
    better_errors (2.5.1)
      coderay (>= 1.0.0)
      erubi (>= 1.0.0)
      rack (>= 0.9.0)
    binding_of_caller (0.8.0)
      debug_inspector (>= 0.0.1)
    bootstrap-sass (2.3.2.2)
      sass (~> 3.2)
    builder (3.2.3)
    chronic (0.10.2)
    ci_reporter (1.6.3)
      builder (>= 2.1.2)
    cocaine (0.4.2)
    coderay (1.1.0)
    concurrent-ruby (1.1.5)
    crass (1.0.5)
    curb (0.9.0)
    debug_inspector (0.0.3)
    diff-lcs (1.3)
    diffy (3.0.7)
    dry-inflector (0.1.2)
    edge_rider (1.0.0)
      activerecord
    erubi (1.9.0)
    erubis (2.7.0)
    ethon (0.8.1)
      ffi (>= 1.3.0)
    excon (0.45.4)
    execjs (2.7.0)
    factory_girl (2.5.2)
      activesupport (>= 2.3.9)
    fakeweb (1.3.0)
    faraday (0.15.3)
      multipart-post (>= 1.2, < 3)
    faraday_middleware (0.12.2)
      faraday (>= 0.7.4, < 1.0)
    ffi (1.11.3)
    ffi-compiler (1.0.1)
      ffi (>= 1.0.0)
      rake
    fission (0.5.0)
      CFPropertyList (~> 2.2)
    fog (1.34.0)
      fog-atmos
      fog-aws (>= 0.6.0)
      fog-brightbox (~> 0.4)
      fog-core (~> 1.32)
      fog-dynect (~> 0.0.2)
      fog-ecloud (~> 0.1)
      fog-google (>= 0.0.2)
      fog-json
      fog-local
      fog-powerdns (>= 0.1.1)
      fog-profitbricks
      fog-radosgw (>= 0.0.2)
      fog-riakcs
      fog-sakuracloud (>= 0.0.4)
      fog-serverlove
      fog-softlayer
      fog-storm_on_demand
      fog-terremark
      fog-vmfusion
      fog-voxel
      fog-xml (~> 0.1.1)
      ipaddress (~> 0.5)
      nokogiri (~> 1.5, >= 1.5.11)
    fog-atmos (0.1.0)
      fog-core
      fog-xml
    fog-aws (0.9.2)
      fog-core (~> 1.27)
      fog-json (~> 1.0)
      fog-xml (~> 0.1)
      ipaddress (~> 0.8)
    fog-brightbox (0.16.1)
      dry-inflector
      fog-core
      fog-json
      mime-types
    fog-core (1.37.0)
      builder
      excon (~> 0.45)
      formatador (~> 0.2)
    fog-dynect (0.0.3)
      fog-core
      fog-json
      fog-xml
    fog-ecloud (0.3.0)
      fog-core
      fog-xml
    fog-google (0.6.0)
      fog-core
      fog-json
      fog-xml
    fog-json (1.2.0)
      fog-core
      multi_json (~> 1.10)
    fog-local (0.6.0)
      fog-core (>= 1.27, < 3.0)
    fog-powerdns (0.2.0)
      fog-core
      fog-json
      fog-xml
    fog-profitbricks (0.0.5)
      fog-core
      fog-xml
      nokogiri
    fog-radosgw (0.0.5)
      fog-core (>= 1.21.0)
      fog-json
      fog-xml (>= 0.0.1)
    fog-riakcs (0.1.0)
      fog-core
      fog-json
      fog-xml
    fog-sakuracloud (1.7.5)
      fog-core
      fog-json
    fog-serverlove (0.1.2)
      fog-core
      fog-json
    fog-softlayer (1.1.4)
      fog-core
      fog-json
    fog-storm_on_demand (0.1.1)
      fog-core
      fog-json
    fog-terremark (0.1.0)
      fog-core
      fog-xml
    fog-vmfusion (0.1.0)
      fission
      fog-core
    fog-voxel (0.1.0)
      fog-core
      fog-xml
    fog-xml (0.1.3)
      fog-core
      nokogiri (>= 1.5.11, < 2.0.0)
    formatador (0.2.5)
    formtastic (2.3.1)
      actionpack (>= 3.0)
    geokit (1.10.0)
    geokit-rails (2.3.1)
      geokit (~> 1.5)
      rails (>= 3.0)
    globalid (0.4.2)
      activesupport (>= 4.2.0)
    googleauth (0.6.6)
      faraday (~> 0.12)
      jwt (>= 1.4, < 3.0)
      memoist (~> 0.12)
      multi_json (~> 1.11)
      os (>= 0.9, < 2.0)
      signet (~> 0.7)
    hashie (3.5.7)
    hoe (3.14.2)
      rake (>= 0.8, < 11.0)
    honeybadger (2.0.12)
    httmultiparty (0.3.13)
      httparty (>= 0.7.3)
      mimemagic
      multipart-post
    http_headers (0.0.2.3)
    httparty (0.11.0)
      multi_json (~> 1.0)
      multi_xml (>= 0.5.2)
    i18n (0.9.5)
      concurrent-ruby (~> 1.0)
    icalendar (1.1.5)
    indefinite_article (0.2.0)
      activesupport
    innertube (1.1.0)
    ipaddress (0.8.3)
    joiner (0.3.4)
      activerecord (>= 4.1.0)
    json (1.8.6)
    jwt (1.5.6)
    loofah (2.4.0)
      crass (~> 1.0.2)
      nokogiri (>= 1.5.9)
    mail (2.7.1)
      mini_mime (>= 0.1.1)
    memoist (0.16.0)
    method_source (0.8.2)
    middleware (0.1.0)
    mime-types (1.25.1)
    mimemagic (0.2.1)
    mini_mime (1.0.2)
    mini_portile2 (2.4.0)
    minitest (5.13.0)
    mock_redis (0.16.1)
    modularity (2.0.1)
    mono_logger (1.1.0)
    multi_json (1.14.1)
    multi_xml (0.5.5)
    multipart-post (2.0.0)
    mysql2 (0.3.21)
    net-scp (1.1.0)
      net-ssh (>= 2.6.5)
    net-sftp (2.1.2)
      net-ssh (>= 2.6.5)
    net-ssh (2.9.1)
    nokogiri (1.9.1)
      mini_portile2 (~> 2.4.0)
    open4 (1.3.4)
    open_calais (0.3.2)
      activesupport
      excon
      faraday
      faraday_middleware
      hashie
      multi_json
      multi_xml
    os (1.0.0)
    paperclip (2.8.0)
      activerecord (>= 2.3.0)
      activesupport (>= 2.3.2)
      cocaine (>= 0.0.2)
      mime-types
    parser (2.2.0.2)
      ast (>= 1.1, < 3.0)
    passenger (6.0.2)
      rack
      rake (>= 0.8.1)
    popen4 (0.1.2)
      Platform (>= 0.4.0)
      open4 (>= 0.4.0)
    powerpack (0.0.9)
    proc-wait3 (1.8.0)
    protected_attributes (1.1.4)
      activemodel (>= 4.0.1, < 5.0)
    pry (0.9.12.4)
      coderay (~> 1.0)
      method_source (~> 0.8)
      slop (~> 3.4)
    pry-remote (0.1.8)
      pry (~> 0.9)
      slop (~> 3.0)
    rack (1.6.11)
    rack-protection (1.5.5)
      rack
    rack-test (0.6.3)
      rack (>= 1.0)
    rails (4.2.11.1)
      actionmailer (= 4.2.11.1)
      actionpack (= 4.2.11.1)
      actionview (= 4.2.11.1)
      activejob (= 4.2.11.1)
      activemodel (= 4.2.11.1)
      activerecord (= 4.2.11.1)
      activesupport (= 4.2.11.1)
      bundler (>= 1.3.0, < 2.0)
      railties (= 4.2.11.1)
      sprockets-rails
    rails-deprecated_sanitizer (1.0.3)
      activesupport (>= 4.2.0.alpha)
    rails-dom-testing (1.0.9)
      activesupport (>= 4.2.0, < 5.0)
      nokogiri (~> 1.6)
      rails-deprecated_sanitizer (>= 1.0.1)
    rails-html-sanitizer (1.3.0)
      loofah (~> 2.3)
    rails-observers (0.1.5)
      activemodel (>= 4.0)
    rails_autolink (1.1.6)
      rails (> 3.1)
    railties (4.2.11.1)
      actionpack (= 4.2.11.1)
      activesupport (= 4.2.11.1)
      rake (>= 0.8.7)
      thor (>= 0.18.1, < 2.0)
    rainbow (2.0.0)
    rake (10.5.0)
    rb-fsevent (0.10.3)
    rb-inotify (0.10.0)
      ffi (~> 1.0)
    rdoc (6.2.0)
    recaptcha (0.3.1)
    redis (3.3.5)
    redis-namespace (1.6.0)
      redis (>= 3.0.4)
    request_store (1.4.1)
      rack (>= 1.4)
    resque (1.27.4)
      mono_logger (~> 1.0)
      multi_json (~> 1.0)
      redis-namespace (~> 1.3)
      sinatra (>= 0.9.2)
      vegas (~> 0.1.2)
    riddle (2.4.0)
    rspec (3.2.0)
      rspec-core (~> 3.2.0)
      rspec-expectations (~> 3.2.0)
      rspec-mocks (~> 3.2.0)
    rspec-core (3.2.3)
      rspec-support (~> 3.2.0)
    rspec-expectations (3.2.1)
      diff-lcs (>= 1.2.0, < 2.0)
      rspec-support (~> 3.2.0)
    rspec-mocks (3.2.1)
      diff-lcs (>= 1.2.0, < 2.0)
      rspec-support (~> 3.2.0)
    rspec-rails (3.2.3)
      actionpack (>= 3.0, < 4.3)
      activesupport (>= 3.0, < 4.3)
      railties (>= 3.0, < 4.3)
      rspec-core (~> 3.2.0)
      rspec-expectations (~> 3.2.0)
      rspec-mocks (~> 3.2.0)
      rspec-support (~> 3.2.0)
    rspec-support (3.2.2)
    rubocop (0.28.0)
      astrolabe (~> 1.3)
      parser (>= 2.2.0.pre.7, < 3.0)
      powerpack (~> 0.0.6)
      rainbow (>= 1.99.1, < 3.0)
      ruby-progressbar (~> 1.4)
    ruby-progressbar (1.7.1)
    rubyzip (1.1.7)
    sass (3.7.4)
      sass-listen (~> 4.0.0)
    sass-listen (4.0.0)
      rb-fsevent (~> 0.9, >= 0.9.4)
      rb-inotify (~> 0.9, >= 0.9.7)
    sass-rails (6.0.0)
      sassc-rails (~> 2.1, >= 2.1.1)
    sassc (2.2.1)
      ffi (~> 1.9)
    sassc-rails (2.1.2)
      railties (>= 4.0.0)
      sassc (>= 2.0)
      sprockets (> 3.0)
      sprockets-rails
      tilt
    scrypt (2.1.1)
      ffi-compiler (>= 0.0.2)
      rake
    signet (0.10.0)
      addressable (~> 2.3)
      faraday (~> 0.9)
      jwt (>= 1.5, < 3.0)
      multi_json (~> 1.10)
    sinatra (1.3.3)
      rack (~> 1.3, >= 1.3.6)
      rack-protection (~> 1.2)
      tilt (~> 1.3, >= 1.3.3)
    sitemap_generator (1.5.2)
    slop (3.4.7)
    sprockets (3.7.2)
      concurrent-ruby (~> 1.0)
      rack (> 1, < 3)
    sprockets-rails (3.2.1)
      actionpack (>= 4.0)
      activesupport (>= 4.0)
      sprockets (>= 3.0.0)
    stevedore (0.3.0)
    test-unit (1.2.3)
      hoe (>= 1.5.1)
    thinking-sphinx (3.1.3)
      activerecord (>= 3.1.0)
      builder (>= 2.1.2)
      innertube (>= 1.0.2)
      joiner (>= 0.2.0)
      middleware (>= 0.1.0)
      riddle (>= 1.5.11)
    thor (0.20.3)
    thread_safe (0.3.6)
    tilt (1.4.1)
    timecop (0.6.1)
    tins (0.8.0)
    titleize (1.3.0)
    typhoeus (1.0.1)
      ethon (>= 0.8.0)
    tzinfo (1.2.5)
      thread_safe (~> 0.1)
    uglifier (4.2.0)
      execjs (>= 0.3.0, < 3)
    vcr (2.6.0)
    vegas (0.1.11)
      rack (>= 1.0.0)
    whenever (0.10.0)
      chronic (>= 0.6.3)
    will_paginate (3.2.1)
    xml-simple (1.0.12)
    ym4r (0.6.1)
    zip-zip (0.3)
      rubyzip (>= 1.0.0)

PLATFORMS
  ruby

DEPENDENCIES
  active_hash (~> 2.0)
  activerecord-deprecated_finders
  acts_as_list
  addressable (= 2.4.0)
  amatch (= 0.2.11)
  amazon-ec2
  american_date
  app_config (= 1.3.2)!
  authlogic (~> 3.4.0)
  aws-sdk-v1
  bcrypt
  better_errors
  binding_of_caller
  bootstrap-sass (= 2.3.2.2)
  ci_reporter (= 1.6.3)
  cocaine
  curb (= 0.9.0)
  diffy
  edge_rider
  factory_girl (~> 2.5.2)
  fakeweb
  faraday
  ffi-hunspell!
  fog (~> 1.3)
  formtastic (~> 2.1)
  geokit (= 1.10.0)
  geokit-rails
  googleauth
  hoe
  honeybadger (~> 2.0.0)
  httmultiparty (~> 0.3.13)
  http_headers (= 0.0.2.3)
  httparty
  icalendar
  indefinite_article
  json (= 1.8.6)
  klarlack (= 0.0.7)!
  memoist
  mime-types (~> 1.25, >= 1.25.1)
  mock_redis
  modularity
  mysql2 (= 0.3.21)
  net-scp (= 1.1.0)
  net-sftp
  net-ssh (= 2.9.1)
  nokogiri
  open_calais
  paperclip (~> 2.8)
  passenger (~> 6.0)
  popen4
  proc-wait3
  protected_attributes
  pry
  pry-remote
  rack
  rails (= 4.2.11.1)
  rails-observers
  rails_autolink
  rake (= 10.5.0)
  rdoc
  recaptcha (= 0.3.1)
  redis (= 3.3.5)
  resque
  resque-honeybadger!
  resque-throttler!
  rspec
  rspec-rails (~> 3.2.3)
  rubocop
  rubyzip (>= 1.1.7)
  sass-rails
  sendgrid!
  sitemap_generator (~> 1.5.0)
  stevedore (= 0.3.0)
  test-unit (= 1.2.3)
  thinking-sphinx (= 3.1.3)
  timecop
  titleize
  typhoeus (~> 1.0, >= 1.0.1)
  uglifier
  vcr
  whenever
  will_paginate
  ym4r (= 0.6.1)
  zip-zip

BUNDLED WITH
   1.17.3
